GEM
  remote: https://rubygems.org/
  specs:
    connection_pool (2.2.3)
    pg (1.2.3)
    rack (1.6.0)
    rack-protection (1.5.3)
      rack
    rake (0.9.6)
    sinatra (1.4.5)
      rack (~> 1.4)
      rack-protection (~> 1.4)
      tilt (~> 1.3, >= 1.3.4)
    tilt (1.4.1)

PLATFORMS
  ruby

DEPENDENCIES
  connection_pool
  pg
  rack
  rake
  sinatra

BUNDLED WITH
   2.1.4
