GEM
  remote: https://rubygems.org/
  specs:
    connection_pool (2.2.3)
    mustermann (2.0.2)
      ruby2_keywords (~> 0.0.1)
    pg (1.2.3)
    rack (2.2.3)
    rack-protection (2.2.3)
      rack
    rake (13.0.1)
    ruby2_keywords (0.0.5)
    sinatra (2.2.3)
      mustermann (~> 2.0)
      rack (~> 2.2)
      rack-protection (= 2.2.3)
      tilt (~> 2.0)
    tilt (2.0.11)

PLATFORMS
  ruby

DEPENDENCIES
  connection_pool
  pg
  rack
  rake
  sinatra

RUBY VERSION
   ruby 2.5.5p157

BUNDLED WITH
   1.17.3
